GEM
  remote: https://rubygems.org/
  specs:
    activemodel (5.0.1)
      activesupport (= 5.0.1)
    activerecord (5.0.1)
      activemodel (= 5.0.1)
      activesupport (= 5.0.1)
      arel (~> 7.0)
    activerecord-import (0.17.1)
      activerecord (>= 3.2)
    activesupport (5.0.1)
      concurrent-ruby (~> 1.0, >= 1.0.2)
      i18n (~> 0.7)
      minitest (~> 5.1)
      tzinfo (~> 1.1)
    addressable (2.5.0)
      public_suffix (~> 2.0, >= 2.0.2)
    arel (7.1.4)
    ast (2.3.0)
    buftok (0.2.0)
    concurrent-ruby (1.0.4)
    connection_pool (2.2.1)
    diff-lcs (1.3)
    domain_name (0.5.20170223)
      unf (>= 0.0.5, < 1.0.0)
    dotenv (2.2.0)
    enumerable-lazy (0.0.2)
    equalizer (0.0.11)
    erubis (2.7.0)
    faraday (0.11.0)
      multipart-post (>= 1.2, < 3)
    hashie (3.5.5)
    http (2.2.1)
      addressable (~> 2.3)
      http-cookie (~> 1.0)
      http-form_data (~> 1.0.1)
      http_parser.rb (~> 0.6.0)
    http-cookie (1.0.3)
      domain_name (~> 0.5)
    http-form_data (1.0.1)
    http_parser.rb (0.6.0)
    i18n (0.8.1)
    kgio (2.10.0)
    mail (2.6.4)
      mime-types (>= 1.16, < 4)
    memoizable (0.4.2)
      thread_safe (~> 0.3, >= 0.3.1)
    mime-types (2.99.3)
    minitest (5.10.1)
    moneta (0.8.1)
    multipart-post (2.0.0)
    mustermann19 (0.4.4)
      enumerable-lazy
    mysql2 (0.3.21)
    naught (1.1.0)
    oauth (0.5.1)
    omniauth (1.6.1)
      hashie (>= 3.4.6, < 3.6.0)
      rack (>= 1.6.2, < 3)
    omniauth-oauth (1.1.0)
      oauth
      omniauth (~> 1.0)
    omniauth-twitter (1.4.0)
      omniauth-oauth (~> 1.1)
      rack
    padrino (0.13.3.3)
      padrino-admin (= 0.13.3.3)
      padrino-cache (= 0.13.3.3)
      padrino-core (= 0.13.3.3)
      padrino-gen (= 0.13.3.3)
      padrino-helpers (= 0.13.3.3)
      padrino-mailer (= 0.13.3.3)
      padrino-support (= 0.13.3.3)
    padrino-admin (0.13.3.3)
      padrino-core (= 0.13.3.3)
      padrino-helpers (= 0.13.3.3)
    padrino-cache (0.13.3.3)
      moneta (~> 0.8.0)
      padrino-core (= 0.13.3.3)
      padrino-helpers (= 0.13.3.3)
    padrino-core (0.13.3.3)
      activesupport (>= 3.1)
      mustermann19
      padrino-support (= 0.13.3.3)
      rack-protection (>= 1.5.0)
      sinatra (>= 1.4.6)
      thor (~> 0.18)
    padrino-gen (0.13.3.3)
      bundler (~> 1.0)
      padrino-core (= 0.13.3.3)
    padrino-helpers (0.13.3.3)
      i18n (~> 0.6, >= 0.6.7)
      padrino-support (= 0.13.3.3)
      tilt (>= 1.4.1, < 3)
    padrino-mailer (0.13.3.3)
      mail (~> 2.5)
      mime-types (< 3)
      padrino-core (= 0.13.3.3)
    padrino-support (0.13.3.3)
      activesupport (>= 3.1)
    parser (2.3.1.2)
      ast (~> 2.2)
    powerpack (0.1.1)
    public_suffix (2.0.5)
    rack (1.6.5)
    rack-protection (1.5.3)
      rack
    rack-test (0.6.3)
      rack (>= 1.0)
    rainbow (2.1.0)
    raindrops (0.16.0)
    rake (12.0.0)
    redis (3.3.3)
    rspec (3.5.0)
      rspec-core (~> 3.5.0)
      rspec-expectations (~> 3.5.0)
      rspec-mocks (~> 3.5.0)
    rspec-core (3.5.4)
      rspec-support (~> 3.5.0)
    rspec-expectations (3.5.0)
      diff-lcs (>= 1.2.0, < 2.0)
      rspec-support (~> 3.5.0)
    rspec-mocks (3.5.0)
      diff-lcs (>= 1.2.0, < 2.0)
      rspec-support (~> 3.5.0)
    rspec-support (3.5.0)
    rubocop (0.41.1)
      parser (>= 2.3.1.1, < 3.0)
      powerpack (~> 0.1)
      rainbow (>= 1.99.1, < 3.0)
      ruby-progressbar (~> 1.7)
      unicode-display_width (~> 1.0, >= 1.0.1)
    ruby-progressbar (1.8.1)
    sidekiq (4.2.9)
      concurrent-ruby (~> 1.0)
      connection_pool (~> 2.2, >= 2.2.0)
      rack-protection (>= 1.5.0)
      redis (~> 3.2, >= 3.2.1)
    simple_oauth (0.3.1)
    sinatra (1.4.8)
      rack (~> 1.5)
      rack-protection (~> 1.4)
      tilt (>= 1.3, < 3)
    sqlite3 (1.3.13)
    thor (0.19.4)
    thread_safe (0.3.6)
    tilt (2.0.6)
    twitter (6.1.0)
      addressable (~> 2.5)
      buftok (~> 0.2.0)
      equalizer (= 0.0.11)
      faraday (~> 0.11.0)
      http (~> 2.1)
      http_parser.rb (~> 0.6.0)
      memoizable (~> 0.4.2)
      naught (~> 1.1)
      simple_oauth (~> 0.3.1)
    tzinfo (1.2.2)
      thread_safe (~> 0.1)
    unf (0.1.4)
      unf_ext
    unf_ext (0.0.7.2)
    unicode-display_width (1.1.0)
    unicorn (5.1.0)
      kgio (~> 2.6)
      raindrops (~> 0.7)

PLATFORMS
  ruby

DEPENDENCIES
  activerecord (>= 3.1)
  activerecord-import
  dotenv
  erubis (~> 2.7.0)
  mysql2
  omniauth
  omniauth-twitter
  padrino (= 0.13.3.3)
  rack-test
  rake
  rspec
  rubocop
  sidekiq
  sqlite3
  twitter
  unicorn

BUNDLED WITH
   1.13.3
